GEM
  remote: https://rubygems.org/
  specs:
    addressable (2.3.8)
    faraday (0.9.2)
      multipart-post (>= 1.2, < 3)
    jekyll-feed (0.4.0)
    jekyll-gist (1.4.0)
      octokit (~> 4.2)
    jekyll-sitemap (0.10.0)
    multipart-post (2.0.0)
    octokit (4.2.0)
      sawyer (~> 0.6.0, >= 0.5.3)
    sawyer (0.6.0)
      addressable (~> 2.3.5)
      faraday (~> 0.8, < 0.10)

PLATFORMS
  ruby

DEPENDENCIES
  jekyll-feed
  jekyll-gist
  jekyll-sitemap

BUNDLED WITH
   1.11.2
